GIT
  remote: git://github.com/dkowis/lita-jenkins-notifier.git
  revision: f70cd5e54bb73d1e326bddb2ac1137d1b1412368
  specs:
    lita-jenkins-notifier (0.0.1)
      lita (>= 3.0)
      multi_json (~> 1.9.0)

GIT
  remote: git://github.com/webdestroya/lita-github-commits.git
  revision: 4c69a03a4a92ae1ef2b8ec3328dee57c9e2606af
  specs:
    lita-github-commits (0.0.2)
      lita (>= 2.3)

GEM
  remote: https://rubygems.org/
  specs:
    faraday (0.9.0)
      multipart-post (>= 1.2, < 3)
    http_router (0.11.1)
      rack (>= 1.0.0)
      url_mount (~> 0.2.1)
    i18n (0.6.9)
    ice_nine (0.11.0)
    lita (3.0.3)
      bundler (>= 1.3)
      faraday (>= 0.8.7)
      http_router (>= 0.11.1)
      i18n (>= 0.6.9)
      ice_nine (>= 0.11.0)
      multi_json (>= 1.7.7)
      puma (>= 2.7.1)
      rack (>= 1.5.2)
      redis-namespace (>= 1.3.0)
      thor (>= 0.18.1)
    multi_json (1.9.0)
    multipart-post (2.0.0)
    puma (2.8.1-java)
      rack (>= 1.1, < 2.0)
    rack (1.5.2)
    redis (3.0.7)
    redis-namespace (1.4.1)
      redis (~> 3.0.4)
    thor (0.18.1)
    url_mount (0.2.1)
      rack

PLATFORMS
  java

DEPENDENCIES
  lita
  lita-github-commits!
  lita-jenkins-notifier!
